PATH
  remote: .
  specs:
    ciinbox (0.1.0)
      thor (~> 0.19)

GEM
  remote: https://rubygems.org/
  specs:
    rake (10.5.0)
    thor (0.20.3)

PLATFORMS
  ruby

DEPENDENCIES
  bundler (~> 1.16)
  ciinbox!
  rake (~> 10.0)

BUNDLED WITH
   1.16.2
