PATH
  remote: .
  specs:
    ciinbox (0.1.0)
      aws-sdk-cloudformation (~> 1, < 2)
      aws-sdk-core (~> 3, < 4)
      aws-sdk-route53 (~> 1, < 2)
      aws-sdk-s3 (~> 1, < 2)
      cfhighlander (~> 0.6, < 1)
      thor (~> 0.19)
      tty-prompt (~> 0.18)

GEM
  remote: https://rubygems.org/
  specs:
    aws-eventstream (1.0.3)
    aws-partitions (1.161.0)
    aws-sdk-cloudformation (1.19.0)
      aws-sdk-core (~> 3, >= 3.48.2)
      aws-sigv4 (~> 1.1)
    aws-sdk-core (3.51.0)
      aws-eventstream (~> 1.0, >= 1.0.2)
      aws-partitions (~> 1.0)
      aws-sigv4 (~> 1.1)
      jmespath (~> 1.0)
    aws-sdk-ec2 (1.82.0)
      aws-sdk-core (~> 3, >= 3.48.2)
      aws-sigv4 (~> 1.1)
    aws-sdk-kms (1.18.0)
      aws-sdk-core (~> 3, >= 3.48.2)
      aws-sigv4 (~> 1.1)
    aws-sdk-route53 (1.22.0)
      aws-sdk-core (~> 3, >= 3.48.2)
      aws-sigv4 (~> 1.1)
    aws-sdk-s3 (1.36.1)
      aws-sdk-core (~> 3, >= 3.48.2)
      aws-sdk-kms (~> 1)
      aws-sigv4 (~> 1.0)
    aws-sigv4 (1.1.0)
      aws-eventstream (~> 1.0, >= 1.0.2)
    cfhighlander (0.9.0)
      aws-sdk-cloudformation (~> 1, < 2)
      aws-sdk-core (~> 3, < 4)
      aws-sdk-ec2 (~> 1, < 2)
      aws-sdk-s3 (~> 1, < 2)
      cfndsl (~> 0.16, < 1)
      duplicate (~> 1.1)
      git (~> 1.4, < 2)
      highline (>= 1.7.10, < 1.8)
      netaddr (~> 1.5, >= 1.5.1)
      rubyzip (>= 1.2.1, < 2)
      thor (~> 0.20, < 1)
    cfndsl (0.16.13)
    duplicate (1.1.1)
    equatable (0.5.0)
    git (1.5.0)
    highline (1.7.10)
    jmespath (1.4.0)
    necromancer (0.4.0)
    netaddr (1.5.1)
    pastel (0.7.2)
      equatable (~> 0.5.0)
      tty-color (~> 0.4.0)
    rake (10.5.0)
    rubyzip (1.2.2)
    thor (0.20.3)
    timers (4.3.0)
    tty-color (0.4.3)
    tty-cursor (0.6.1)
    tty-prompt (0.18.1)
      necromancer (~> 0.4.0)
      pastel (~> 0.7.0)
      timers (~> 4.0)
      tty-cursor (~> 0.6.0)
      tty-reader (~> 0.5.0)
    tty-reader (0.5.0)
      tty-cursor (~> 0.6.0)
      tty-screen (~> 0.6.4)
      wisper (~> 2.0.0)
    tty-screen (0.6.5)
    wisper (2.0.0)

PLATFORMS
  ruby

DEPENDENCIES
  bundler (~> 2.0)
  ciinbox!
  rake (~> 10.0)

BUNDLED WITH
   2.0.1
